GEM
  remote: https://rubygems.org/
  specs:
    coderay (1.1.3)
    method_source (1.0.0)
    pry (0.13.1)
      coderay (~> 1.1)
      method_source (~> 1.0)
    sqlite3 (1.3.13)

PLATFORMS
  ruby

DEPENDENCIES
  pry
  sqlite3 (~> 1.3.6)

BUNDLED WITH
<<<<<<< HEAD
   2.1.4
=======
   2.0.1
>>>>>>> c03c12872b892bb1efb6c5e6670d548ff201e85c
